PATH
  remote: .
  specs:
    oz_appium (0.1.0)
      appium_lib
      cucumber
      selenium-webdriver
      watir

GEM
  remote: https://rubygems.org/
  specs:
    appium_lib (11.2.0)
      appium_lib_core (~> 4.1)
      nokogiri (~> 1.8, >= 1.8.1)
      tomlrb (~> 1.1)
    appium_lib_core (4.7.1)
      faye-websocket (~> 0.11.0)
      selenium-webdriver (~> 3.14, >= 3.14.1)
    builder (3.2.4)
    childprocess (3.0.0)
    cucumber (7.0.0)
      builder (~> 3.2, >= 3.2.4)
      cucumber-core (~> 10.0, >= 10.0.1)
      cucumber-create-meta (~> 6.0, >= 6.0.1)
      cucumber-cucumber-expressions (~> 12.1, >= 12.1.1)
      cucumber-gherkin (~> 20.0, >= 20.0.1)
      cucumber-html-formatter (~> 16.0, >= 16.0.1)
      cucumber-messages (~> 17.0, >= 17.0.1)
      cucumber-wire (~> 6.0, >= 6.0.1)
      diff-lcs (~> 1.4, >= 1.4.4)
      mime-types (~> 3.3, >= 3.3.1)
      multi_test (~> 0.1, >= 0.1.2)
      sys-uname (~> 1.2, >= 1.2.2)
    cucumber-core (10.0.1)
      cucumber-gherkin (~> 20.0, >= 20.0.1)
      cucumber-messages (~> 17.0, >= 17.0.1)
      cucumber-tag-expressions (~> 3.0, >= 3.0.1)
    cucumber-create-meta (6.0.1)
      cucumber-messages (~> 17.0, >= 17.0.1)
      sys-uname (~> 1.2, >= 1.2.2)
    cucumber-cucumber-expressions (12.1.3)
    cucumber-gherkin (20.0.1)
      cucumber-messages (~> 17.0, >= 17.0.1)
    cucumber-html-formatter (16.0.1)
      cucumber-messages (~> 17.0, >= 17.0.1)
    cucumber-messages (17.1.1)
    cucumber-tag-expressions (3.0.1)
    cucumber-wire (6.1.1)
      cucumber-core (~> 10.0, >= 10.0.1)
      cucumber-cucumber-expressions (~> 12.1, >= 12.1.2)
      cucumber-messages (~> 17.0, >= 17.0.1)
    diff-lcs (1.4.4)
    eventmachine (1.2.7)
    faye-websocket (0.11.1)
      eventmachine (>= 0.12.0)
      websocket-driver (>= 0.5.1)
    ffi (1.15.4)
    mime-types (3.3.1)
      mime-types-data (~> 3.2015)
    mime-types-data (3.2021.0901)
    mini_portile2 (2.6.1)
    multi_test (0.1.2)
    nokogiri (1.12.5)
      mini_portile2 (~> 2.6.1)
      racc (~> 1.4)
    racc (1.5.2)
    rake (10.4.2)
    regexp_parser (2.1.1)
    rubyzip (2.3.2)
    selenium-webdriver (3.142.7)
      childprocess (>= 0.5, < 4.0)
      rubyzip (>= 1.2.2)
    sys-uname (1.2.2)
      ffi (~> 1.1)
    tomlrb (1.3.0)
    watir (6.19.1)
      regexp_parser (>= 1.2, < 3)
      selenium-webdriver (>= 3.142.7)
    websocket-driver (0.7.5)
      websocket-extensions (>= 0.1.0)
    websocket-extensions (0.1.5)

PLATFORMS
  ruby

DEPENDENCIES
  bundler (~> 1.16)
  oz_appium!
  rake (~> 10.0)

BUNDLED WITH
   1.16.1
