PATH
  remote: .
  specs:
    oz_appium (0.1.0)
      appium_lib
      cucumber
      selenium-webdriver
      watir

GEM
  remote: https://rubygems.org/
  specs:
    activesupport (6.1.3.2)
      concurrent-ruby (~> 1.0, >= 1.0.2)
      i18n (>= 1.6, < 2)
      minitest (>= 5.1)
      tzinfo (~> 2.0)
      zeitwerk (~> 2.3)
    appium_lib (11.2.0)
      appium_lib_core (~> 4.1)
      nokogiri (~> 1.8, >= 1.8.1)
      tomlrb (~> 1.1)
    appium_lib_core (4.5.0)
      faye-websocket (~> 0.11.0)
      selenium-webdriver (~> 3.14, >= 3.14.1)
    builder (3.2.4)
    childprocess (3.0.0)
    concurrent-ruby (1.1.8)
    cucumber (6.1.0)
      builder (~> 3.2, >= 3.2.4)
      cucumber-core (~> 9.0, >= 9.0.1)
      cucumber-create-meta (~> 4.0, >= 4.0.0)
      cucumber-cucumber-expressions (~> 12.1, >= 12.1.1)
      cucumber-gherkin (~> 18.1, >= 18.1.0)
      cucumber-html-formatter (~> 13.0, >= 13.0.0)
      cucumber-messages (~> 15.0, >= 15.0.0)
      cucumber-wire (~> 5.0, >= 5.0.1)
      diff-lcs (~> 1.4, >= 1.4.4)
      mime-types (~> 3.3, >= 3.3.1)
      multi_test (~> 0.1, >= 0.1.2)
      sys-uname (~> 1.2, >= 1.2.2)
    cucumber-core (9.0.1)
      cucumber-gherkin (~> 18.1, >= 18.1.0)
      cucumber-messages (~> 15.0, >= 15.0.0)
      cucumber-tag-expressions (~> 3.0, >= 3.0.1)
    cucumber-create-meta (4.0.0)
      cucumber-messages (~> 15.0, >= 15.0.0)
      sys-uname (~> 1.2, >= 1.2.2)
    cucumber-cucumber-expressions (12.1.1)
    cucumber-gherkin (18.1.1)
      cucumber-messages (~> 15.0, >= 15.0.0)
    cucumber-html-formatter (13.0.0)
      cucumber-messages (~> 15.0, >= 15.0.0)
    cucumber-messages (15.0.0)
      protobuf-cucumber (~> 3.10, >= 3.10.8)
    cucumber-tag-expressions (3.0.1)
    cucumber-wire (5.0.1)
      cucumber-core (~> 9.0, >= 9.0.1)
      cucumber-cucumber-expressions (~> 12.1, >= 12.1.1)
      cucumber-messages (~> 15.0, >= 15.0.0)
    diff-lcs (1.4.4)
    eventmachine (1.2.7)
    faye-websocket (0.11.0)
      eventmachine (>= 0.12.0)
      websocket-driver (>= 0.5.1)
    ffi (1.15.0)
    i18n (1.8.10)
      concurrent-ruby (~> 1.0)
    middleware (0.1.0)
    mime-types (3.3.1)
      mime-types-data (~> 3.2015)
    mime-types-data (3.2021.0225)
    mini_portile2 (2.5.1)
    minitest (5.14.4)
    multi_test (0.1.2)
    nokogiri (1.11.4)
      mini_portile2 (~> 2.5.0)
      racc (~> 1.4)
    protobuf-cucumber (3.10.8)
      activesupport (>= 3.2)
      middleware
      thor
      thread_safe
    racc (1.5.2)
    rake (10.4.2)
    regexp_parser (2.1.1)
    rubyzip (2.3.0)
    selenium-webdriver (3.142.7)
      childprocess (>= 0.5, < 4.0)
      rubyzip (>= 1.2.2)
    sys-uname (1.2.2)
      ffi (~> 1.1)
    thor (1.1.0)
    thread_safe (0.3.6)
    tomlrb (1.3.0)
    tzinfo (2.0.4)
      concurrent-ruby (~> 1.0)
    watir (6.19.1)
      regexp_parser (>= 1.2, < 3)
      selenium-webdriver (>= 3.142.7)
    websocket-driver (0.7.3)
      websocket-extensions (>= 0.1.0)
    websocket-extensions (0.1.5)
    zeitwerk (2.4.2)

PLATFORMS
  ruby

DEPENDENCIES
  bundler (~> 1.16)
  oz_appium!
  rake (~> 10.0)

BUNDLED WITH
   1.16.1
