PATH
  remote: ..
  specs:
    oz_appium (0.1.0)
      appium_lib
      cucumber
      selenium-webdriver
      watir

GEM
  remote: https://rubygems.org/
  specs:
    appium_lib (9.9.1)
      appium_lib_core (~> 1.3.0)
      nokogiri (~> 1.6, >= 1.6.6)
      tomlrb (~> 1.1)
    appium_lib_core (1.3.0)
      json (>= 1.8)
      selenium-webdriver (~> 3.5)
    backports (3.11.3)
    builder (3.2.3)
    byebug (10.0.2)
    childprocess (0.8.0)
      ffi (~> 1.0, >= 1.0.11)
    coderay (1.1.2)
    cucumber (3.1.0)
      builder (>= 2.1.2)
      cucumber-core (~> 3.1.0)
      cucumber-expressions (~> 5.0.4)
      cucumber-wire (~> 0.0.1)
      diff-lcs (~> 1.3)
      gherkin (~> 5.0)
      multi_json (>= 1.7.5, < 2.0)
      multi_test (>= 0.1.2)
    cucumber-core (3.1.0)
      backports (>= 3.8.0)
      cucumber-tag_expressions (~> 1.1.0)
      gherkin (>= 5.0.0)
    cucumber-expressions (5.0.18)
    cucumber-tag_expressions (1.1.1)
    cucumber-wire (0.0.1)
    diff-lcs (1.3)
    ffi (1.9.25)
    gherkin (5.1.0)
    json (2.1.0)
    method_source (0.9.2)
    mini_portile2 (2.3.0)
    multi_json (1.13.1)
    multi_test (0.1.2)
    nokogiri (1.8.5)
      mini_portile2 (~> 2.3.0)
    pry (0.12.2)
      coderay (~> 1.1.0)
      method_source (~> 0.9.0)
    pry-byebug (3.6.0)
      byebug (~> 10.0)
      pry (~> 0.10)
    regexp_parser (1.3.0)
    rubyzip (1.2.2)
    selenium-webdriver (3.141.0)
      childprocess (~> 0.5)
      rubyzip (~> 1.2, >= 1.2.2)
    tomlrb (1.2.6)
    watir (6.15.1)
      regexp_parser (~> 1.2)
      selenium-webdriver (~> 3.4, >= 3.4.1)

PLATFORMS
  ruby

DEPENDENCIES
  oz_appium!
  pry
  pry-byebug

BUNDLED WITH
   1.16.6
